PATH
  remote: .
  specs:
    railroady (1.1.1)

GEM
  remote: https://rubygems.org/
  specs:
    activesupport (4.0.0)
      i18n (~> 0.6, >= 0.6.4)
      minitest (~> 4.2)
      multi_json (~> 1.3)
      thread_safe (~> 0.1)
      tzinfo (~> 0.3.37)
    atomic (1.1.10)
    i18n (0.6.4)
    minitest (4.7.5)
    minitest-spec-context (0.0.3)
    multi_json (1.7.7)
    rake (10.1.0)
    thread_safe (0.1.2)
      atomic
    tzinfo (0.3.37)

PLATFORMS
  ruby

DEPENDENCIES
  activesupport
  bundler
  minitest
  minitest-spec-context
  railroady!
  rake
