PATH
  remote: .
  specs:
    awesome_print (1.1.0)

GEM
  remote: https://rubygems.org/
  specs:
    diff-lcs (1.1.3)
    fakefs (0.3.2)
    rspec (2.11.0)
      rspec-core (~> 2.11.0)
      rspec-expectations (~> 2.11.0)
      rspec-mocks (~> 2.11.0)
    rspec-core (2.11.1)
    rspec-expectations (2.11.2)
      diff-lcs (~> 1.1.3)
    rspec-mocks (2.11.2)

PLATFORMS
  ruby

DEPENDENCIES
  awesome_print!
  fakefs (>= 0.2.1)
  rspec (>= 2.6.0)
