GEM
  remote: http://rubygems.org/
  specs:
    diff-lcs (1.1.2)
    git (1.2.5)
    httpclient (2.2.0.1)
    jeweler (1.5.2)
      bundler (~> 1.0.0)
      git (>= 1.2.5)
      rake
    json (1.4.6)
    rake (0.8.7)
    rspec (2.4.0)
      rspec-core (~> 2.4.0)
      rspec-expectations (~> 2.4.0)
      rspec-mocks (~> 2.4.0)
    rspec-core (2.4.0)
    rspec-expectations (2.4.0)
      diff-lcs (~> 1.1.2)
    rspec-mocks (2.4.0)

PLATFORMS
  ruby

DEPENDENCIES
  httpclient (>= 2.2)
  jeweler
  json
  rake
  rspec (~> 2)
